GEM
  remote: https://rubygems.org/
  specs:
    coderay (1.1.3)
    image_optimizer (1.9.0)
    method_source (1.0.0)
    mini_magick (4.12.0)
    pry (0.14.2)
      coderay (~> 1.1)
      method_source (~> 1.0)

PLATFORMS
  x86_64-linux

DEPENDENCIES
  image_optimizer
  mini_magick
  pry

BUNDLED WITH
   2.3.16
